GEM
  remote: http://rubygems.org/
  specs:
    actionmailer (2.3.14)
      actionpack (= 2.3.14)
    actionpack (2.3.14)
      activesupport (= 2.3.14)
      rack (~> 1.1.0)
    activerecord (2.3.14)
      activesupport (= 2.3.14)
    activeresource (2.3.14)
      activesupport (= 2.3.14)
    activesupport (2.3.14)
    archive-tar-minitar (0.5.2)
    coderay (0.9.8)
    columnize (0.3.5)
    edavis10-object_daddy (0.4.3)
    fastercsv (1.5.4)
    i18n (0.4.2)
    json (1.6.3)
    linecache (0.46)
      rbx-require-relative (> 0.0.4)
    linecache19 (0.5.12)
      ruby_core_source (>= 0.1.4)
    metaclass (0.0.1)
    mocha (0.10.0)
      metaclass (~> 0.0.1)
    mysql (2.8.1)
    mysql2 (0.2.18)
    net-ldap (0.2.2)
    rack (1.1.2)
    rails (2.3.14)
      actionmailer (= 2.3.14)
      actionpack (= 2.3.14)
      activerecord (= 2.3.14)
      activeresource (= 2.3.14)
      activesupport (= 2.3.14)
      rake (>= 0.8.3)
    rake (0.9.2.2)
    rbx-require-relative (0.0.5)
    rdoc (3.12)
      json (~> 1.4)
    ruby-debug (0.10.4)
      columnize (>= 0.1)
      ruby-debug-base (~> 0.10.4.0)
    ruby-debug-base (0.10.4)
      linecache (>= 0.3)
    ruby-debug-base19 (0.11.25)
      columnize (>= 0.3.1)
      linecache19 (>= 0.5.11)
      ruby_core_source (>= 0.1.4)
    ruby-debug19 (0.11.6)
      columnize (>= 0.3.1)
      linecache19 (>= 0.5.11)
      ruby-debug-base19 (>= 0.11.19)
    ruby-openid (2.1.8)
    ruby_core_source (0.1.5)
      archive-tar-minitar (>= 0.5.2)
    rubytree (0.5.3)
    shoulda (2.10.3)
    sqlite3 (1.3.5)
    sqlite3-ruby (1.2.5)
    tzinfo (0.3.31)

PLATFORMS
  ruby

DEPENDENCIES
  coderay (~> 0.9.7)
  edavis10-object_daddy
  fastercsv (~> 1.5.0)
  i18n (~> 0.4.2)
  mocha
  mysql
  mysql2 (~> 0.2.7)
  net-ldap (~> 0.2.2)
  rails (= 2.3.14)
  rdoc (>= 2.4.2)
  ruby-debug
  ruby-debug19
  ruby-openid (~> 2.1.4)
  rubytree (~> 0.5.2)
  shoulda (~> 2.10.3)
  sqlite3
  sqlite3-ruby (< 1.3)
  tzinfo (>= 0.3.31)
