GEM
  remote: http://rubygems.org/
  specs:
    actionmailer (2.3.14)
      actionpack (= 2.3.14)
    actionpack (2.3.14)
      activesupport (= 2.3.14)
      rack (~> 1.1.0)
    activerecord (2.3.14)
      activesupport (= 2.3.14)
    activeresource (2.3.14)
      activesupport (= 2.3.14)
    activesupport (2.3.14)
    acts-as-taggable-on (2.1.0)
      rails
    capybara (1.1.2)
      mime-types (>= 1.16)
      nokogiri (>= 1.3.3)
      rack (>= 1.0.0)
      rack-test (>= 0.5.4)
      selenium-webdriver (~> 2.0)
      xpath (~> 0.1.4)
    childprocess (0.9.0)
      ffi (~> 1.0, >= 1.0.11)
    coderay (1.0.7)
    edavis10-object_daddy (0.4.3)
    fastercsv (1.5.4)
    ffi (1.15.5)
    gravatarify (3.0.0)
    i18n (0.8.0)
    liquid (2.3.0)
    metaclass (0.0.1)
    mime-types (1.17.2)
    mini_portile2 (2.5.1)
    mocha (0.10.0)
      metaclass (~> 0.0.1)
    mysql (2.8.1)
    mysql2 (0.2.18)
    net-ldap (0.3.1)
    nokogiri (1.11.4)
      mini_portile2 (~> 2.5.0)
      racc (~> 1.4)
    pg (0.14.0)
    racc (1.5.2)
    rack (1.1.2)
    rack-test (0.6.1)
      rack (>= 1.0)
    rails (2.3.14)
      actionmailer (= 2.3.14)
      actionpack (= 2.3.14)
      activerecord (= 2.3.14)
      activeresource (= 2.3.14)
      activesupport (= 2.3.14)
      rake (>= 0.8.3)
    rake (0.9.2.2)
    rdoc (6.3.1)
    ruby-openid (2.1.8)
    rubytree (0.5.3)
    rubyzip (1.3.0)
    selenium-webdriver (2.53.4)
      childprocess (~> 0.5)
      rubyzip (~> 1.0)
      websocket (~> 1.0)
    shoulda (2.10.3)
    sqlite3 (1.3.5)
    sqlite3-ruby (1.2.5)
    test-unit (2.5.1)
    tzinfo (0.3.31)
    websocket (1.2.9)
    xpath (0.1.4)
      nokogiri (~> 1.3)

PLATFORMS
  ruby

DEPENDENCIES
  acts-as-taggable-on (= 2.1.0)
  capybara
  coderay (~> 1.0.0)
  edavis10-object_daddy
  fastercsv (~> 1.5.0)
  gravatarify (~> 3.0.0)
  i18n (~> 0.8.0)
  liquid (~> 2.3.0)
  mocha
  mysql
  mysql2 (~> 0.2.7)
  net-ldap (~> 0.3.1)
  pg
  rails (= 2.3.14)
  rdoc (>= 2.4.2)
  ruby-openid (~> 2.1.4)
  rubytree (~> 0.5.2)
  shoulda (~> 2.10.3)
  sqlite3
  sqlite3-ruby (< 1.3)
  test-unit
  tzinfo (~> 0.3.31)
